GIT
  remote: git://github.com/danascheider/sinatra-sequel_extension.git
  revision: ac0a499157de099e2afa94a685d42c07195749ab
  specs:
    sinatra-sequel_extension (0.9.0)
      sequel (>= 3.2)
      sinatra (>= 0.9.4)

GEM
  remote: https://rubygems.org/
  specs:
    daemons (1.1.9)
    diff-lcs (1.2.5)
    eventmachine (1.0.3)
    mysql2 (0.3.16)
    rack (1.5.2)
    rack-protection (1.5.3)
      rack
    rack-test (0.6.2)
      rack (>= 1.0)
    rake (10.3.2)
    rspec (3.1.0)
      rspec-core (~> 3.1.0)
      rspec-expectations (~> 3.1.0)
      rspec-mocks (~> 3.1.0)
    rspec-core (3.1.7)
      rspec-support (~> 3.1.0)
    rspec-expectations (3.1.2)
      diff-lcs (>= 1.2.0, < 2.0)
      rspec-support (~> 3.1.0)
    rspec-mocks (3.1.3)
      rspec-support (~> 3.1.0)
    rspec-support (3.1.2)
    sequel (4.16.0)
    sinatra (1.4.5)
      rack (~> 1.4)
      rack-protection (~> 1.4)
      tilt (~> 1.3, >= 1.3.4)
    thin (1.6.3)
      daemons (~> 1.0, >= 1.0.9)
      eventmachine (~> 1.0)
      rack (~> 1.0)
    tilt (1.4.1)

PLATFORMS
  ruby

DEPENDENCIES
  mysql2 (~> 0.3, >= 0.3.16)
  rack-test (~> 0.6)
  rake (~> 10.3)
  rspec (~> 3.1)
  sequel (~> 4.16)
  sinatra (~> 1.4, >= 1.4.5)
  sinatra-sequel_extension (~> 0.9)!
  thin (~> 1.6.2)
